GEM
  remote: https://rubygems.org/
  specs:
    arx (1.3.0)
      nokogiri (~> 1.10)
      nokogiri-happymapper (~> 0.8)
    bigdecimal (3.1.8)
    csv (3.3.0)
    faraday (2.10.0)
      faraday-net_http (>= 2.0, < 3.2)
      logger
    faraday-multipart (1.0.4)
      multipart-post (~> 2)
    faraday-net_http (3.1.1)
      net-http
    httparty (0.22.0)
      csv
      mini_mime (>= 1.0.0)
      multi_xml (>= 0.5.2)
    logger (1.6.0)
    mime-types (3.5.2)
      mime-types-data (~> 3.2015)
    mime-types-data (3.2024.0702)
    mini_mime (1.1.5)
    mini_portile2 (2.8.7)
    multi_xml (0.7.1)
      bigdecimal (~> 3.1)
    multipart-post (2.4.1)
    nasa_apod (1.2.1)
      httparty
    net-http (0.4.1)
      uri
    nokogiri (1.16.6)
      mini_portile2 (~> 2.8.2)
      racc (~> 1.4)
    nokogiri-happymapper (0.10.0)
      nokogiri (~> 1.5)
    racc (1.8.0)
    rake (13.2.1)
    uri (0.13.0)
    x (0.14.1)

PLATFORMS
  ruby

DEPENDENCIES
  arx
  faraday
  faraday-multipart
  mime-types
  nasa_apod
  rake
  x

RUBY VERSION
   ruby 3.4.2p28

BUNDLED WITH
   2.6.2
