GEM
  remote: https://rubygems.org/
  specs:
    arx (1.3.0)
      nokogiri (~> 1.10)
      nokogiri-happymapper (~> 0.8)
    base64 (0.3.0)
    bigdecimal (3.2.2)
    csv (3.3.5)
    faraday (2.13.4)
      faraday-net_http (>= 2.0, < 3.5)
      json
      logger
    faraday-multipart (1.1.1)
      multipart-post (~> 2.0)
    faraday-net_http (3.4.1)
      net-http (>= 0.5.0)
    httparty (0.23.1)
      csv
      mini_mime (>= 1.0.0)
      multi_xml (>= 0.5.2)
    json (2.13.1)
    logger (1.7.0)
    mime-types (3.7.0)
      logger
      mime-types-data (~> 3.2025, >= 3.2025.0507)
    mime-types-data (3.2025.0722)
    mini_mime (1.1.5)
    mini_portile2 (2.8.9)
    multi_xml (0.7.2)
      bigdecimal (~> 3.1)
    multipart-post (2.4.1)
    nasa_apod (1.2.1)
      httparty
    net-http (0.6.0)
      uri
    nokogiri (1.18.9)
      mini_portile2 (~> 2.8.2)
      racc (~> 1.4)
    nokogiri-happymapper (0.10.0)
      nokogiri (~> 1.5)
    racc (1.8.1)
    rake (13.3.0)
    uri (1.0.3)
    x (0.16.0)
      base64 (>= 0.2)

PLATFORMS
  ruby

DEPENDENCIES
  arx
  base64
  faraday
  faraday-multipart
  mime-types
  nasa_apod
  rake
  x

RUBY VERSION
   ruby 3.4.2p28

BUNDLED WITH
   2.7.0
