GEM
  remote: https://rubygems.org/
  specs:
    arx (1.3.0)
      nokogiri (~> 1.10)
      nokogiri-happymapper (~> 0.8)
    base64 (0.1.1)
    faraday (2.7.11)
      base64
      faraday-net_http (>= 2.0, < 3.1)
      ruby2_keywords (>= 0.0.4)
    faraday-multipart (1.0.4)
      multipart-post (~> 2)
    faraday-net_http (3.0.2)
    httparty (0.21.0)
      mini_mime (>= 1.0.0)
      multi_xml (>= 0.5.2)
    mime-types (3.5.1)
      mime-types-data (~> 3.2015)
    mime-types-data (3.2023.0808)
    mini_mime (1.1.5)
    mini_portile2 (2.8.4)
    multi_xml (0.6.0)
    multipart-post (2.3.0)
    nasa_apod (1.2.1)
      httparty
    nokogiri (1.15.4)
      mini_portile2 (~> 2.8.2)
      racc (~> 1.4)
    nokogiri-happymapper (0.9.0)
      nokogiri (~> 1.5)
    racc (1.7.1)
    rake (13.0.6)
    ruby2_keywords (0.0.5)
    x (0.9.0)

PLATFORMS
  ruby

DEPENDENCIES
  arx
  faraday
  faraday-multipart
  mime-types
  nasa_apod
  rake
  x

RUBY VERSION
   ruby 3.2.2p53

BUNDLED WITH
   2.4.7
