GEM
  remote: https://rubygems.org/
  specs:
    arx (1.3.0)
      nokogiri (~> 1.10)
      nokogiri-happymapper (~> 0.8)
    base64 (0.2.0)
    bigdecimal (3.1.9)
    csv (3.3.2)
    faraday (2.12.2)
      faraday-net_http (>= 2.0, < 3.5)
      json
      logger
    faraday-multipart (1.1.0)
      multipart-post (~> 2.0)
    faraday-net_http (3.4.0)
      net-http (>= 0.5.0)
    httparty (0.22.0)
      csv
      mini_mime (>= 1.0.0)
      multi_xml (>= 0.5.2)
    json (2.10.2)
    logger (1.6.6)
    mime-types (3.6.0)
      logger
      mime-types-data (~> 3.2015)
    mime-types-data (3.2025.0304)
    mini_mime (1.1.5)
    mini_portile2 (2.8.8)
    multi_xml (0.7.1)
      bigdecimal (~> 3.1)
    multipart-post (2.4.1)
    nasa_apod (1.2.1)
      httparty
    net-http (0.6.0)
      uri
    nokogiri (1.18.4)
      mini_portile2 (~> 2.8.2)
      racc (~> 1.4)
    nokogiri-happymapper (0.10.0)
      nokogiri (~> 1.5)
    racc (1.8.1)
    rake (13.2.1)
    uri (1.0.3)
    x (0.15.0)

PLATFORMS
  ruby

DEPENDENCIES
  arx
  base64
  faraday
  faraday-multipart
  mime-types
  nasa_apod
  rake
  x

RUBY VERSION
   ruby 3.4.2p28

BUNDLED WITH
   2.6.2
